GEM
  remote: http://rubygems.org/
  specs:
    addressable (2.6.0)
      public_suffix (>= 2.0.2, < 4.0)
    bcrypt (3.1.12)
    bcrypt-ruby (3.1.5)
      bcrypt (>= 3.1.3)
    data_mapper (1.2.0)
      dm-aggregates (~> 1.2.0)
      dm-constraints (~> 1.2.0)
      dm-core (~> 1.2.0)
      dm-migrations (~> 1.2.0)
      dm-serializer (~> 1.2.0)
      dm-timestamps (~> 1.2.0)
      dm-transactions (~> 1.2.0)
      dm-types (~> 1.2.0)
      dm-validations (~> 1.2.0)
    data_objects (0.10.17)
      addressable (~> 2.1)
    dm-aggregates (1.2.0)
      dm-core (~> 1.2.0)
    dm-constraints (1.2.0)
      dm-core (~> 1.2.0)
    dm-core (1.2.1)
      addressable (~> 2.3)
    dm-do-adapter (1.2.0)
      data_objects (~> 0.10.6)
      dm-core (~> 1.2.0)
    dm-migrations (1.2.0)
      dm-core (~> 1.2.0)
    dm-serializer (1.2.2)
      dm-core (~> 1.2.0)
      fastercsv (~> 1.5)
      json (~> 1.6)
      json_pure (~> 1.6)
      multi_json (~> 1.0)
    dm-sqlite-adapter (1.2.0)
      dm-do-adapter (~> 1.2.0)
      do_sqlite3 (~> 0.10.6)
    dm-tags (1.2.0)
      dm-core (~> 1.2.0)
    dm-timestamps (1.2.0)
      dm-core (~> 1.2.0)
    dm-transactions (1.2.0)
      dm-core (~> 1.2.0)
    dm-types (1.2.2)
      bcrypt-ruby (~> 3.0)
      dm-core (~> 1.2.0)
      fastercsv (~> 1.5)
      json (~> 1.6)
      multi_json (~> 1.0)
      stringex (~> 1.4)
      uuidtools (~> 2.1)
    dm-validations (1.2.0)
      dm-core (~> 1.2.0)
    do_sqlite3 (0.10.17)
      data_objects (= 0.10.17)
    emk-sinatra-url-for (0.2.1)
      sinatra (>= 0.9.1.1)
    fastercsv (1.5.5)
    json (1.8.6)
    json_pure (1.8.6)
    mail (2.7.1)
      mini_mime (>= 0.1.1)
    mini_mime (1.0.1)
    multi_json (1.13.1)
    mustermann (1.0.3)
    pony (1.13.1)
      mail (>= 2.0)
    public_suffix (3.1.0)
    rack (2.0.8)
    rack-protection (2.0.5)
      rack
    sinatra (2.0.5)
      mustermann (~> 1.0)
      rack (~> 2.0)
      rack-protection (= 2.0.5)
      tilt (~> 2.0)
    sinatra-flash (0.3.0)
      sinatra (>= 1.0.0)
    sinatra-redirect-with-flash (0.2.1)
      sinatra (>= 1.0.0)
    sinatra-static-assets (1.0.4)
      sinatra (>= 1.1.0)
    sqlite3 (1.4.1)
    stringex (1.5.1)
    tilt (2.0.9)
    uuidtools (2.1.5)

PLATFORMS
  ruby

DEPENDENCIES
  data_mapper
  dm-sqlite-adapter
  dm-tags
  emk-sinatra-url-for
  pony
  sinatra
  sinatra-flash
  sinatra-redirect-with-flash
  sinatra-static-assets
  sqlite3
  tilt

BUNDLED WITH
   1.17.3
